GEM
  remote: http://rubygems.org/
  specs:
    r-fxxk (0.3.0)

PLATFORMS
  ruby

DEPENDENCIES
  r-fxxk
